GEM
  remote: http://rubygems.org/
  specs:
    builder (3.0.0)
    childprocess (0.1.8)
      ffi (~> 1.0.6)
    cucumber (0.10.2)
      builder (>= 2.1.2)
      diff-lcs (>= 1.1.2)
      gherkin (>= 2.3.5)
      json (>= 1.4.6)
      term-ansicolor (>= 1.0.5)
    diff-lcs (1.1.2)
    ffi (1.0.7)
      rake (>= 0.8.7)
    gherkin (2.3.6)
      json (>= 1.4.6)
    json (1.5.1)
    json_pure (1.5.1)
    rake (0.8.7)
    rspec (2.5.0)
      rspec-core (~> 2.5.0)
      rspec-expectations (~> 2.5.0)
      rspec-mocks (~> 2.5.0)
    rspec-core (2.5.1)
    rspec-expectations (2.5.0)
      diff-lcs (~> 1.1.2)
    rspec-mocks (2.5.0)
    rubyzip (0.9.4)
    selenium-webdriver (0.2.0)
      childprocess (>= 0.1.7)
      ffi (>= 1.0.7)
      json_pure
      rubyzip
    term-ansicolor (1.0.5)
    watir-webdriver (0.2.3)
      selenium-webdriver (>= 0.2.0)

PLATFORMS
  ruby

DEPENDENCIES
  cucumber
  rspec
  watir-webdriver
